GEM
  remote: https://rubygems.org/
  specs:
    chronic (0.10.2)
    faraday (0.9.2)
      multipart-post (>= 1.2, < 3)
    faraday_middleware (0.10.0)
      faraday (>= 0.7.4, < 0.10)
    multipart-post (2.0.0)
    slim (3.0.6)
      temple (~> 0.7.3)
      tilt (>= 1.3.3, < 2.1)
    temple (0.7.6)
    tilt (2.0.1)
    uptimerobot (0.1.6)
      faraday (>= 0.8)
      faraday_middleware

PLATFORMS
  ruby

DEPENDENCIES
  chronic
  slim
  uptimerobot

BUNDLED WITH
   1.10.5
